PATH
  remote: .
  specs:
    swell_analytics (0.0.1)
      browser
      user_agent_parser

GEM
  remote: https://rubygems.org/
  specs:
    browser (2.5.2)
    rake (10.5.0)
    sqlite3 (1.3.13)
    user_agent_parser (2.4.1)

PLATFORMS
  ruby

DEPENDENCIES
  rake (< 11.0)
  sqlite3
  swell_analytics!

BUNDLED WITH
   1.16.0.pre.2
